PATH
  remote: .
  specs:
    latexmath (0.1.0)
      htmlentities (~> 4.3)
      unicode2latex (~> 0.0.1)

GEM
  remote: https://rubygems.org/
  specs:
    diff-lcs (1.4.4)
    htmlentities (4.3.4)
    rake (12.3.3)
    rspec (3.9.0)
      rspec-core (~> 3.9.0)
      rspec-expectations (~> 3.9.0)
      rspec-mocks (~> 3.9.0)
    rspec-core (3.9.2)
      rspec-support (~> 3.9.3)
    rspec-expectations (3.9.2)
      diff-lcs (>= 1.2.0, < 2.0)
      rspec-support (~> 3.9.0)
    rspec-mocks (3.9.1)
      diff-lcs (>= 1.2.0, < 2.0)
      rspec-support (~> 3.9.0)
    rspec-support (3.9.3)
    unicode2latex (0.0.4)

PLATFORMS
  ruby

DEPENDENCIES
  latexmath!
  rake (~> 12.0)
  rspec (~> 3.0)

BUNDLED WITH
   2.1.4
